GEM
  remote: https://rubygems.org/
  specs:
    coderay (1.1.3)
    method_source (1.0.0)
    pry (0.14.0)
      coderay (~> 1.1)
      method_source (~> 1.0)
    pry-doc (1.1.0)
      pry (~> 0.11)
      yard (~> 0.9.11)
    yard (0.9.26)

PLATFORMS
  ruby

DEPENDENCIES
  pry
  pry-doc

RUBY VERSION
   ruby 2.7.2p137

BUNDLED WITH
   2.1.4
